NUGET
  remote: https://www.nuget.org/api/v2
    FSharp.Core (8.0.301)
    Pathoschild.Stardew.ModBuildConfig (4.1.1)
